GEM
  remote: https://rubygems.org/
  specs:
    minitest (5.4.3)

PLATFORMS
  ruby

DEPENDENCIES
  minitest

BUNDLED WITH
   1.12.4
