GEM
  remote: https://rubygems.org/
  specs:
    addressable (2.4.0)
    backports (3.17.0)
    byebug (9.0.6)
    crack (0.4.3)
      safe_yaml (~> 1.0.0)
    ethon (0.12.0)
      ffi (>= 1.3.0)
    faraday (0.17.3)
      multipart-post (>= 1.2, < 3)
    faraday_middleware (0.14.0)
      faraday (>= 0.7.4, < 1.0)
    ffi (1.12.2)
    gh (0.15.1)
      addressable (~> 2.4.0)
      backports
      faraday (~> 0.8)
      multi_json (~> 1.0)
      net-http-persistent (~> 2.9)
      net-http-pipeline
    hashdiff (0.3.2)
    highline (1.7.10)
    json (2.3.0)
    launchy (2.4.3)
      addressable (~> 2.3)
    minitest (5.10.1)
    multi_json (1.14.1)
    multipart-post (2.1.1)
    net-http-persistent (2.9.4)
    net-http-pipeline (1.0.1)
    paint (2.0.0)
    pusher-client (0.6.2)
      json
      websocket (~> 1.0)
    rake (12.0.0)
    safe_yaml (1.0.4)
    travis (1.8.13)
      backports
      faraday (~> 0.9)
      faraday_middleware (~> 0.9, >= 0.9.1)
      gh (~> 0.13)
      highline (~> 1.6)
      launchy (~> 2.1)
      pusher-client (~> 0.4)
      typhoeus (~> 0.6, >= 0.6.8)
    typhoeus (0.8.0)
      ethon (>= 0.8.0)
    webmock (2.3.2)
      addressable (>= 2.3.6)
      crack (>= 0.3.2)
      hashdiff
    websocket (1.2.8)

PLATFORMS
  ruby

DEPENDENCIES
  byebug
  minitest
  paint (~> 2.0)
  rake
  travis
  webmock

BUNDLED WITH
   1.14.6
